GEM
  remote: https://rubygems.org/
  specs:
    ast (2.4.0)
    jaro_winkler (1.5.3)
    json (2.3.0)
    mustermann (2.0.2)
      ruby2_keywords (~> 0.0.1)
    parallel (1.18.0)
    parser (2.6.5.0)
      ast (~> 2.4.0)
    pg (1.1.4)
    rack (2.2.6.2)
    rack-protection (2.2.3)
      rack
    rainbow (3.0.0)
    rake (13.0.0)
    rubocop (0.71.0)
      jaro_winkler (~> 1.5.1)
      parallel (~> 1.10)
      parser (>= 2.6)
      rainbow (>= 2.2.2, < 4.0)
      ruby-progressbar (~> 1.7)
      unicode-display_width (>= 1.4.0, < 1.7)
    ruby-progressbar (1.10.1)
    ruby2_keywords (0.0.5)
    sinatra (2.2.3)
      mustermann (~> 2.0)
      rack (~> 2.2)
      rack-protection (= 2.2.3)
      tilt (~> 2.0)
    tilt (2.0.11)
    unicode-display_width (1.6.0)

PLATFORMS
  ruby

DEPENDENCIES
  json
  pg
  rake
  rubocop (= 0.71.0)
  sinatra

BUNDLED WITH
   1.17.3
